GEM
  remote: https://rubygems.org/
  specs:
    lolcat (42.1.42)
      paint (~> 0.8.3)
      trollop (~> 1.16.2)
    lolize (0.0.3)
      paint (~> 0.8.3)
    paint (0.8.7)
    trollop (1.16.2)

PLATFORMS
  ruby

DEPENDENCIES
  lolcat
  lolize

BUNDLED WITH
   2.0.1
